GEM
  remote: https://rubygems.org/
  specs:
    beefcake (1.0.0)
    json (1.8.3)
    mtrc (0.0.4)
    riemann-client (0.2.6)
      beefcake (>= 0.3.5, <= 1.0.0)
      mtrc (>= 0.0.4)
      trollop (>= 1.16.2)
    riemann-tools (0.2.10)
      json
      riemann-client (>= 0.2.2)
      trollop (>= 1.16.2)
    trollop (2.1.2)

PLATFORMS
  ruby

DEPENDENCIES
  riemann-tools (= 0.2.10)

BUNDLED WITH
   1.12.4
